GEM
  remote: https://rubygems.org/
  specs:
    base64 (0.2.0)
    clipboard (1.3.6)
    colorize (1.1.0)
    diff-lcs (1.5.1)
    fileutils (1.7.0)
    openssl (3.1.0)
    optparse (0.4.0)
    pastel (0.8.0)
      tty-color (~> 0.5)
    rotp (6.3.0)
    rspec (3.13.0)
      rspec-core (~> 3.13.0)
      rspec-expectations (~> 3.13.0)
      rspec-mocks (~> 3.13.0)
    rspec-core (3.13.0)
      rspec-support (~> 3.13.0)
    rspec-expectations (3.13.0)
      diff-lcs (>= 1.2.0, < 2.0)
      rspec-support (~> 3.13.0)
    rspec-mocks (3.13.0)
      diff-lcs (>= 1.2.0, < 2.0)
      rspec-support (~> 3.13.0)
    rspec-support (3.13.0)
    tty-color (0.6.0)
    tty-cursor (0.7.1)
    tty-prompt (0.23.1)
      pastel (~> 0.8)
      tty-reader (~> 0.8)
    tty-reader (0.9.0)
      tty-cursor (~> 0.7)
      tty-screen (~> 0.8)
      wisper (~> 2.0)
    tty-screen (0.8.2)
    wisper (2.0.1)
    yaml (0.2.1)

PLATFORMS
  x86_64-darwin-22

DEPENDENCIES
  base64
  clipboard
  colorize
  fileutils
  openssl
  optparse
  rotp
  rspec
  tty-prompt
  yaml

BUNDLED WITH
   2.4.10
